PATH
  remote: .
  specs:
    watir-webdriver (0.0.7)
      selenium-webdriver (>= 0.0.26)

GEM
  remote: http://rubygems.org/
  specs:
    activesupport (3.0.0)
    ffi (0.6.3)
      rake (>= 0.8.7)
    json_pure (1.4.6)
    nokogiri (1.4.3.1)
    polyglot (0.3.1)
    rack (1.2.1)
    rake (0.8.7)
    rspec (1.3.0)
    ruby2ruby (1.2.4)
      ruby_parser (~> 2.0)
      sexp_processor (~> 3.0)
    ruby_parser (2.0.4)
      sexp_processor (~> 3.0)
    rubyzip (0.9.4)
    selenium-webdriver (0.0.28)
      ffi (>= 0.6.1)
      json_pure
      rubyzip
    sexp_processor (3.0.4)
    sinatra (1.0)
      rack (>= 1.0)
    treetop (1.4.8)
      polyglot (>= 0.3.1)
    webidl (0.0.5)
      ruby2ruby
      treetop

PLATFORMS
  ruby

DEPENDENCIES
  activesupport (>= 2.3.5)
  nokogiri
  rspec
  selenium-webdriver (>= 0.0.26)
  sinatra (>= 1.0)
  watir-webdriver!
  webidl (>= 0.0.4)
